GEM
  remote: https://rubygems.org/
  specs:
    autoprefixer-rails (6.5.0)
      execjs
    bootstrap-sass (3.3.7)
      autoprefixer-rails (>= 5.2.1)
      sass (>= 3.3.4)
    execjs (2.7.0)
    mustache (1.0.3)
    sass (3.4.22)

PLATFORMS
  ruby

DEPENDENCIES
  bootstrap-sass
  mustache

RUBY VERSION
   ruby 2.3.1p112

BUNDLED WITH
   1.13.1
